GEM
  remote: https://rubygems.org/
  specs:
    aws-eventstream (1.2.0)
    aws-partitions (1.500.0)
    aws-sdk-core (3.121.0)
      aws-eventstream (~> 1, >= 1.0.2)
      aws-partitions (~> 1, >= 1.239.0)
      aws-sigv4 (~> 1.1)
      jmespath (~> 1.0)
    aws-sdk-kms (1.48.0)
      aws-sdk-core (~> 3, >= 3.120.0)
      aws-sigv4 (~> 1.1)
    aws-sdk-s3 (1.102.0)
      aws-sdk-core (~> 3, >= 3.120.0)
      aws-sdk-kms (~> 1)
      aws-sigv4 (~> 1.4)
    aws-sigv4 (1.4.0)
      aws-eventstream (~> 1, >= 1.0.2)
    google-protobuf (3.17.3-x86_64-linux)
    googleapis-common-protos-types (1.2.0)
      google-protobuf (~> 3.14)
    grpc (1.40.0-x86_64-linux)
      google-protobuf (~> 3.15)
      googleapis-common-protos-types (~> 1.0)
    grpc-tools (1.40.0)
    jmespath (1.4.0)
    rexml (3.2.5)

PLATFORMS
  x86_64-linux

DEPENDENCIES
  aws-sdk-s3
  grpc
  grpc-tools
  rexml

BUNDLED WITH
   2.2.22
